GEM
  remote: https://rubygems.org/
  specs:
    addressable (2.7.0)
      public_suffix (>= 2.0.2, < 5.0)
    faraday (1.0.1)
      multipart-post (>= 1.2, < 3)
    multipart-post (2.1.1)
    oktakit (0.2.0)
      sawyer (~> 0.8.1)
    public_suffix (4.0.5)
    sawyer (0.8.2)
      addressable (>= 2.3.5)
      faraday (> 0.8, < 2.0)

PLATFORMS
  ruby

DEPENDENCIES
  oktakit

BUNDLED WITH
   2.1.2
